PATH
  remote: .
  specs:
    shaf (1.4.0)

GEM
  remote: https://rubygems.org/
  specs:
    faraday (0.17.0)
      multipart-post (>= 1.2, < 3)
    minitest (5.11.3)
    multipart-post (2.1.1)
    mustermann (1.0.3)
    rack (2.0.8)
    rack-protection (2.0.5)
      rack
    rack-test (1.1.0)
      rack (>= 1.0, < 3)
    rake (12.3.2)
    redcarpet (3.5.0)
    sequel (5.18.0)
    sinatra (2.0.5)
      mustermann (~> 1.0)
      rack (~> 2.0)
      rack-protection (= 2.0.5)
      tilt (~> 2.0)
    sqlite3 (1.4.0)
    tilt (2.0.9)

PLATFORMS
  ruby

DEPENDENCIES
  faraday (~> 0.17)
  minitest (~> 5, >= 5.11)
  rack-test (~> 1.0)
  rake (~> 12.0)
  redcarpet (~> 3.5)
  sequel (~> 5)
  shaf!
  sinatra (~> 2.0)
  sqlite3 (~> 1.3)

BUNDLED WITH
   1.17.3
