PATH
  remote: .
  specs:
    shaf (3.0.0)
      file_transactions

GEM
  remote: https://rubygems.org/
  specs:
    byebug (11.1.3)
    faraday (0.17.3)
      multipart-post (>= 1.2, < 3)
    file_transactions (1.1.4)
    git (1.8.1)
      rchardet (~> 1.8)
    hal_presenter (1.6.0)
    minitest (5.14.3)
    multipart-post (2.1.1)
    mustermann (1.1.1)
      ruby2_keywords (~> 0.0.1)
    rack (2.2.3)
    rack-protection (2.2.0)
      rack
    rack-test (1.1.0)
      rack (>= 1.0, < 3)
    rake (12.3.3)
    rchardet (1.8.0)
    ruby2_keywords (0.0.5)
    sequel (5.40.0)
    sinatra (2.2.0)
      mustermann (~> 1.0)
      rack (~> 2.2)
      rack-protection (= 2.2.0)
      tilt (~> 2.0)
    sqlite3 (1.4.2)
    tilt (2.0.10)
    yard (0.9.26)

PLATFORMS
  ruby

DEPENDENCIES
  bundler (~> 2.1)
  byebug
  faraday (~> 0.17)
  git (~> 1.5)
  hal_presenter (~> 1.6)
  minitest (~> 5.14, ~> 5)
  rack-test (~> 1.0)
  rake (~> 12.0)
  sequel (~> 5)
  shaf!
  sinatra (~> 2.0)
  sqlite3 (~> 1.3)
  yard (~> 0.9)

BUNDLED WITH
   2.2.14
