PATH
  remote: .
  specs:
    shaf (1.6.1)

GEM
  remote: https://rubygems.org/
  specs:
    faraday (0.17.1)
      multipart-post (>= 1.2, < 3)
    git (1.5.0)
    hal_presenter (1.5.0)
    minitest (5.13.0)
    multipart-post (2.1.1)
    mustermann (1.0.3)
    rack (2.2.3)
    rack-protection (2.0.7)
      rack
    rack-test (1.1.0)
      rack (>= 1.0, < 3)
    rake (12.3.3)
    redcarpet (3.5.1)
    sequel (5.27.0)
    sinatra (2.0.7)
      mustermann (~> 1.0)
      rack (~> 2.0)
      rack-protection (= 2.0.7)
      tilt (~> 2.0)
    sqlite3 (1.4.2)
    tilt (2.0.10)

PLATFORMS
  ruby

DEPENDENCIES
  bundler (~> 2.1)
  faraday (~> 0.17)
  git (~> 1.5)
  hal_presenter (~> 1.5)
  minitest (~> 5, >= 5.11)
  rack-test (~> 1.0)
  rake (~> 12.0)
  redcarpet (~> 3.5)
  sequel (~> 5)
  shaf!
  sinatra (~> 2.0)
  sqlite3 (~> 1.3)

BUNDLED WITH
   2.1.2
